GEM
  remote: http://rubygems.org/
  specs:
    cinch (1.1.0)
    crack (0.1.8)
    httparty (0.7.3)
      crack (= 0.1.8)
    mechanize (1.0.0)
      nokogiri (>= 1.2.1)
    nokogiri (1.4.4)

PLATFORMS
  ruby

DEPENDENCIES
  cinch (~> 1.1.0)
  httparty
  mechanize
