GEM
  remote: http://rubygems.org/
  specs:
    cinch (1.1.0)
    mechanize (1.0.0)
      nokogiri (>= 1.2.1)
    nokogiri (1.4.4)

PLATFORMS
  ruby

DEPENDENCIES
  cinch (~> 1.1.0)
  mechanize
